GEM
  remote: http://rubygems.org/
  specs:
    midiator (0.5.1)

PLATFORMS
  ruby

DEPENDENCIES
  midiator
